GIT
  remote: git://github.com/pacoguzman/vx-builder.git
  revision: abf11fbbfbad910f8883d2525ab8f22ec3397d8c
  branch: bebanjo
  specs:
    vx-builder (0.5.50)
      hashr

GIT
  remote: git://github.com/pacoguzman/vx-common-rack-builder.git
  revision: dd15ff1e50255113ec2856b275e975d3e450e449
  specs:
    vx-lib-rack-builder (0.0.3)

GIT
  remote: git://github.com/pacoguzman/vx-common-spawn.git
  revision: abfa7792c175361924ce96d99c8fbb612e243607
  specs:
    vx-common-spawn (0.0.8)
      net-ssh (~> 2.6)

GIT
  remote: git://github.com/pacoguzman/vx-common.git
  revision: c6ea255328e25f5baae688219aaa11278a88a2b0
  branch: bebanjo
  specs:
    vx-common (0.4.0)
      airbrake (~> 4.1.0)
      vx-common-rack-builder (= 0.0.2)
      vx-common-spawn (> 0.0.7)

GIT
  remote: git://github.com/pacoguzman/vx-consumer.git
  revision: d625a8f39f3afe471af3896b7154a3e68730972c
  specs:
    vx-consumer (0.2.0.pre0)
      bunny (= 1.6.3)
      vx-common-rack-builder (>= 0.0.2)

GIT
  remote: git://github.com/pacoguzman/vx-instrumentation.git
  revision: c0163b33549877f33860a70dbf4b60c15866c0b9
  tag: v0.1.4
  specs:
    vx-instrumentation (0.1.4)
      activesupport (~> 4.0)

GIT
  remote: git://github.com/pacoguzman/vx-message.git
  revision: 66f81a50b3a24897cd38f14d6456e024e6a5cd7c
  specs:
    vx-lib-message (0.6.4)
      beefcake (= 1.0.0)

GIT
  remote: git://github.com/pacoguzman/vx-service_connector.git
  revision: 9f8cdac3f919b49dff9c8051cce8a80ee6b0ae2b
  branch: bebanjo
  specs:
    vx-service_connector (0.3.0)
      activesupport (~> 4.0)
      faraday (~> 0.9.0)
      oauth
      octokit (= 2.2.0)

GEM
  remote: https://rubygems.org/
  specs:
    actionmailer (4.0.10)
      actionpack (= 4.0.10)
      mail (~> 2.5, >= 2.5.4)
    actionpack (4.0.10)
      activesupport (= 4.0.10)
      builder (~> 3.1.0)
      erubis (~> 2.7.0)
      rack (~> 1.5.2)
      rack-test (~> 0.6.2)
    active_model_serializers (0.8.1)
      activemodel (>= 3.0)
    activemodel (4.0.10)
      activesupport (= 4.0.10)
      builder (~> 3.1.0)
    activerecord (4.0.10)
      activemodel (= 4.0.10)
      activerecord-deprecated_finders (~> 1.0.2)
      activesupport (= 4.0.10)
      arel (~> 4.0.0)
    activerecord-deprecated_finders (1.0.3)
    activesupport (4.0.10)
      i18n (~> 0.6, >= 0.6.9)
      minitest (~> 4.2)
      multi_json (~> 1.3)
      thread_safe (~> 0.1)
      tzinfo (~> 0.3.37)
    addressable (2.3.6)
    airbrake (4.1.0)
      builder
      multi_json
    amq-protocol (1.9.2)
    annotate (2.6.5)
      activerecord (>= 2.3.0)
      rake (>= 0.8.7)
    arel (4.0.2)
    beefcake (1.0.0)
    braintree (2.36.0)
      builder (>= 2.0.0)
    builder (3.1.4)
    bunny (1.6.3)
      amq-protocol (>= 1.9.2)
    byebug (3.5.1)
      columnize (~> 0.8)
      debugger-linecache (~> 1.2)
      slop (~> 3.6)
    carrierwave (0.10.0)
      activemodel (>= 3.2.0)
      activesupport (>= 3.2.0)
      json (>= 1.7)
      mime-types (>= 1.16)
    coderay (1.1.0)
    coffee-rails (4.0.1)
      coffee-script (>= 2.2.0)
      railties (>= 4.0.0, < 5.0)
    coffee-script (2.2.0)
      coffee-script-source
      execjs
    coffee-script-source (1.6.3)
    columnize (0.8.9)
    crack (0.4.2)
      safe_yaml (~> 1.0.0)
    dalli (2.7.2)
    debugger-linecache (1.2.0)
    diff-lcs (1.2.5)
    dotenv (1.0.2)
    erubis (2.7.0)
    execjs (2.0.2)
    factory_girl (4.5.0)
      activesupport (>= 3.0.0)
    factory_girl_rails (4.5.0)
      factory_girl (~> 4.5.0)
      railties (>= 3.0.0)
    faraday (0.9.0)
      multipart-post (>= 1.2, < 3)
    foreman (0.63.0)
      dotenv (>= 0.7)
      thor (>= 0.13.6)
    haml (4.0.3)
      tilt
    haml-rails (0.4)
      actionpack (>= 3.1, < 4.1)
      activesupport (>= 3.1, < 4.1)
      haml (>= 3.1, < 4.1)
      railties (>= 3.1, < 4.1)
    hashie (3.3.1)
    hashr (0.0.22)
    hike (1.2.3)
    i18n (0.6.11)
    json (1.8.1)
    jwt (1.0.0)
    mail (2.6.1)
      mime-types (>= 1.16, < 3)
    method_source (0.8.2)
    mime-types (2.4.3)
    mini_portile (0.6.2)
    minitest (4.7.5)
    multi_json (1.10.1)
    multi_xml (0.5.5)
    multipart-post (2.0.0)
    net-ssh (2.9.2)
    nokogiri (1.6.6.2)
      mini_portile (~> 0.6.0)
    oauth (0.4.7)
    oauth2 (1.0.0)
      faraday (>= 0.8, < 0.10)
      jwt (~> 1.0)
      multi_json (~> 1.3)
      multi_xml (~> 0.5)
      rack (~> 1.2)
    octokit (2.2.0)
      sawyer (~> 0.5.1)
    omniauth (1.2.2)
      hashie (>= 1.2, < 4)
      rack (~> 1.0)
    omniauth-github (1.1.2)
      omniauth (~> 1.0)
      omniauth-oauth2 (~> 1.1)
    omniauth-oauth2 (1.2.0)
      faraday (>= 0.8, < 0.10)
      multi_json (~> 1.3)
      oauth2 (~> 1.0)
      omniauth (~> 1.2)
    pg (0.17.1)
    pry (0.10.1)
      coderay (~> 1.1.0)
      method_source (~> 0.8.1)
      slop (~> 3.4)
    pry-rails (0.3.2)
      pry (>= 0.9.10)
    puma (2.9.2)
      rack (>= 1.1, < 2.0)
    rack (1.5.2)
    rack-test (0.6.2)
      rack (>= 1.0)
    rails (4.0.10)
      actionmailer (= 4.0.10)
      actionpack (= 4.0.10)
      activerecord (= 4.0.10)
      activesupport (= 4.0.10)
      bundler (>= 1.3.0, < 2.0)
      railties (= 4.0.10)
      sprockets-rails (~> 2.0)
    railties (4.0.10)
      actionpack (= 4.0.10)
      activesupport (= 4.0.10)
      rake (>= 0.8.7)
      thor (>= 0.18.1, < 2.0)
    rake (10.3.2)
    rr (1.1.2)
    rspec-core (3.1.7)
      rspec-support (~> 3.1.0)
    rspec-expectations (3.1.2)
      diff-lcs (>= 1.2.0, < 2.0)
      rspec-support (~> 3.1.0)
    rspec-its (1.1.0)
      rspec-core (>= 3.0.0)
      rspec-expectations (>= 3.0.0)
    rspec-mocks (3.1.3)
      rspec-support (~> 3.1.0)
    rspec-rails (3.1.0)
      actionpack (>= 3.0)
      activesupport (>= 3.0)
      railties (>= 3.0)
      rspec-core (~> 3.1.0)
      rspec-expectations (~> 3.1.0)
      rspec-mocks (~> 3.1.0)
      rspec-support (~> 3.1.0)
    rspec-support (3.1.2)
    safe_yaml (1.0.4)
    sass (3.2.19)
    sass-rails (4.0.3)
      railties (>= 4.0.0, < 5.0)
      sass (~> 3.2.0)
      sprockets (~> 2.8, <= 2.11.0)
      sprockets-rails (~> 2.0)
    sawyer (0.5.5)
      addressable (~> 2.3.5)
      faraday (~> 0.8, < 0.10)
    slop (3.6.0)
    sprockets (2.11.0)
      hike (~> 1.2)
      multi_json (~> 1.0)
      rack (~> 1.0)
      tilt (~> 1.1, != 1.3.0)
    sprockets-rails (2.2.0)
      actionpack (>= 3.0)
      activesupport (>= 3.0)
      sprockets (>= 2.8, < 4.0)
    sshkey (1.6.1)
    state_machine (1.2.0)
    thor (0.19.1)
    thread_safe (0.3.4)
    tilt (1.4.1)
    timecop (0.7.1)
    tzinfo (0.3.42)
    uglifier (2.2.1)
      execjs (>= 0.3.0)
      multi_json (~> 1.0, >= 1.0.2)
    vx-common-rack-builder (0.0.2)
    webmock (1.20.4)
      addressable (>= 2.3.6)
      crack (>= 0.3.2)

PLATFORMS
  ruby

DEPENDENCIES
  active_model_serializers
  annotate
  braintree
  byebug
  carrierwave
  coffee-rails (~> 4.0.0)
  dalli
  dotenv
  factory_girl_rails
  foreman
  haml-rails
  nokogiri
  omniauth-github
  pg
  pry-rails
  puma
  rails (= 4.0.10)
  rr
  rspec-its
  rspec-rails
  sass-rails (~> 4.0.0)
  sshkey
  state_machine
  timecop
  uglifier (>= 1.3.0)
  vx-builder!
  vx-common!
  vx-common-spawn!
  vx-consumer!
  vx-instrumentation!
  vx-lib-message!
  vx-lib-rack-builder!
  vx-service_connector!
  webmock
